GEM
  remote: https://rubygems.org/
  specs:
    activemodel (7.0.3.1)
      activesupport (= 7.0.3.1)
    activesupport (7.0.3.1)
      concurrent-ruby (~> 1.0, >= 1.0.2)
      i18n (>= 1.6, < 2)
      minitest (>= 5.1)
      tzinfo (~> 2.0)
    concurrent-ruby (1.1.10)
    ethon (0.12.0)
      ffi (>= 1.3.0)
    faraday (0.17.0)
      multipart-post (>= 1.2, < 3)
    faraday_middleware (0.13.1)
      faraday (>= 0.7.4, < 1.0)
    faraday_middleware-multi_json (0.0.6)
      faraday_middleware
      multi_json
    ffi (1.11.1)
    httpclient (2.8.3)
    i18n (1.12.0)
      concurrent-ruby (~> 1.0)
    json (2.2.0)
    minitest (5.16.2)
    multi_json (1.14.1)
    multipart-post (2.1.1)
    neo4j (9.6.0)
      activemodel (>= 4.0)
      activesupport (>= 4.0)
      i18n (!= 1.3.0)
      neo4j-core (>= 9.0.0)
      orm_adapter (~> 0.5.0)
    neo4j-core (9.0.0)
      activesupport (>= 4.0)
      faraday (>= 0.9.0)
      faraday_middleware (>= 0.10.0)
      faraday_middleware-multi_json
      httpclient
      json
      multi_json
      net_tcp_client (>= 2.0.1)
      typhoeus (>= 1.1.2)
    neo4j-rake_tasks (0.7.19)
      os
      rake
      ruby-progressbar
      rubyzip (>= 1.1.7)
    net_tcp_client (2.2.0)
    orm_adapter (0.5.0)
    os (1.0.1)
    rake (13.0.0)
    ruby-progressbar (1.10.1)
    rubyzip (2.0.0)
    typhoeus (1.3.1)
      ethon (>= 0.9.0)
    tzinfo (2.0.5)
      concurrent-ruby (~> 1.0)

PLATFORMS
  ruby

DEPENDENCIES
  neo4j
  neo4j-core
  neo4j-rake_tasks

BUNDLED WITH
   2.0.2
